GEM
  remote: https://rubygems.org/
  specs:
    awestruct (0.5.0)
      bootstrap-sass (~> 2.3.1.0)
      compass (~> 0.12.1)
      compass-960-plugin (~> 0.10.4)
      git (~> 1.2.5)
      haml (~> 4.0.1)
      json_pure (~> 1.7.7)
      listen (~> 0.7.3)
      nokogiri (~> 1.5.6)
      rack (~> 1.5.2)
      rest-client (~> 1.6.7)
      ruby-s3cmd (~> 0.1.5)
      tilt (~> 1.3.6)
    bootstrap-sass (2.3.1.0)
      sass (~> 3.2)
    chunky_png (1.2.8)
    compass (0.12.2)
      chunky_png (~> 1.2)
      fssm (>= 0.2.7)
      sass (~> 3.1)
    compass-960-plugin (0.10.4)
      compass (>= 0.10.0)
    ffi (1.8.1)
    fssm (0.2.10)
    git (1.2.5)
    haml (4.0.2)
      tilt
    json_pure (1.7.7)
    libv8 (3.11.8.17)
    listen (0.7.3)
    mime-types (1.23)
    nokogiri (1.5.9)
    rack (1.5.2)
    rb-inotify (0.9.0)
      ffi (>= 0.5.0)
    redcarpet (2.2.2)
    ref (1.0.4)
    rest-client (1.6.7)
      mime-types (>= 1.16)
    ruby-s3cmd (0.1.5)
    sass (3.2.8)
    therubyracer (0.11.4)
      libv8 (~> 3.11.8.12)
      ref
    tilt (1.3.7)

PLATFORMS
  ruby

DEPENDENCIES
  awestruct (= 0.5.0)
  json_pure (= 1.7.7)
  rb-inotify (= 0.9.0)
  redcarpet (= 2.2.2)
  therubyracer
